GEM
  remote: https://rubygems.org/
  specs:
    ast (2.3.0)
    awesome_print (1.7.0)
    byebug (9.0.6)
    clipboard (1.1.1)
    coderay (1.1.1)
    colorize (0.8.1)
    diff-lcs (1.2.5)
    diffy (3.2.0)
    json (2.0.2)
    method_source (0.8.2)
    parser (2.4.0.0)
      ast (~> 2.2)
    powerpack (0.1.1)
    pry (0.10.1)
      coderay (~> 1.1.0)
      method_source (~> 0.8.1)
      slop (~> 3.4)
    pry-byebug (3.4.2)
      byebug (~> 9.0)
      pry (~> 0.10)
    rainbow (2.2.2)
      rake
    rake (11.3.0)
    random-word (2.0.0)
    rspec (3.5.0)
      rspec-core (~> 3.5.0)
      rspec-expectations (~> 3.5.0)
      rspec-mocks (~> 3.5.0)
    rspec-core (3.5.4)
      rspec-support (~> 3.5.0)
    rspec-expectations (3.5.0)
      diff-lcs (>= 1.2.0, < 2.0)
      rspec-support (~> 3.5.0)
    rspec-mocks (3.5.0)
      diff-lcs (>= 1.2.0, < 2.0)
      rspec-support (~> 3.5.0)
    rspec-support (3.5.0)
    rubocop (0.48.1)
      parser (>= 2.3.3.1, < 3.0)
      powerpack (~> 0.1)
      rainbow (>= 1.99.1, < 3.0)
      ruby-progressbar (~> 1.7)
      unicode-display_width (~> 1.0, >= 1.0.1)
    ruby-progressbar (1.8.1)
    slop (3.6.0)
    unicode-display_width (1.2.1)

PLATFORMS
  ruby

DEPENDENCIES
  awesome_print
  clipboard
  colorize
  diffy
  json
  pry
  pry-byebug
  rake
  random-word
  rspec
  rubocop

BUNDLED WITH
   1.14.6
