GEM
  remote: https://rubygems.org/
  specs:
    amazing_print (1.6.0)
    ast (2.4.2)
    clipboard (1.4.1)
    colorize (1.1.0)
    diff-lcs (1.5.1)
    diffy (3.4.2)
    docile (1.4.1)
    ffi (1.16.3)
    ffi (1.16.3-x64-mingw32)
    json (2.7.2)
    language_server-protocol (3.17.0.3)
    os (1.1.4)
    parallel (1.26.3)
    parser (3.3.5.0)
      ast (~> 2.4.1)
      racc
    racc (1.8.1)
    rainbow (3.1.1)
    rake (13.2.1)
    random-word (2.1.1)
    regexp_parser (2.9.2)
    rspec (3.13.0)
      rspec-core (~> 3.13.0)
      rspec-expectations (~> 3.13.0)
      rspec-mocks (~> 3.13.0)
    rspec-core (3.13.1)
      rspec-support (~> 3.13.0)
    rspec-expectations (3.13.3)
      diff-lcs (>= 1.2.0, < 2.0)
      rspec-support (~> 3.13.0)
    rspec-mocks (3.13.1)
      diff-lcs (>= 1.2.0, < 2.0)
      rspec-support (~> 3.13.0)
    rspec-support (3.13.1)
    rubocop (1.66.1)
      json (~> 2.3)
      language_server-protocol (>= 3.17.0)
      parallel (~> 1.10)
      parser (>= 3.3.0.2)
      rainbow (>= 2.2.2, < 4.0)
      regexp_parser (>= 2.4, < 3.0)
      rubocop-ast (>= 1.32.2, < 2.0)
      ruby-progressbar (~> 1.7)
      unicode-display_width (>= 2.4.0, < 3.0)
    rubocop-ast (1.32.3)
      parser (>= 3.3.1.0)
    ruby-progressbar (1.13.0)
    simplecov (0.22.0)
      docile (~> 1.1)
      simplecov-html (~> 0.11)
      simplecov_json_formatter (~> 0.1)
    simplecov-html (0.13.1)
    simplecov_json_formatter (0.1.4)
    unicode-display_width (2.6.0)

PLATFORMS
  ruby
  x64-mingw32

DEPENDENCIES
  amazing_print
  clipboard
  colorize
  diffy
  ffi (< 1.17.0)
  json
  os
  rake
  random-word
  rspec
  rubocop
  simplecov

BUNDLED WITH
   2.5.21
