GEM
  remote: https://rubygems.org/
  specs:
    ast (2.4.0)
    awesome_print (1.8.0)
    clipboard (1.3.3)
    colorize (0.8.1)
    diff-lcs (1.3)
    diffy (3.3.0)
    docile (1.3.1)
    ffi (1.10.0)
    ffi (1.10.0-x64-mingw32)
    jaro_winkler (1.5.2)
    json (2.2.0)
    os (1.0.0)
    parallel (1.16.2)
    parser (2.6.2.0)
      ast (~> 2.4.0)
    psych (3.1.0)
    psych (3.1.0-x64-mingw32)
    rainbow (3.0.0)
    rake (12.3.2)
    random-word (2.1.1)
    rspec (3.8.0)
      rspec-core (~> 3.8.0)
      rspec-expectations (~> 3.8.0)
      rspec-mocks (~> 3.8.0)
    rspec-core (3.8.0)
      rspec-support (~> 3.8.0)
    rspec-expectations (3.8.2)
      diff-lcs (>= 1.2.0, < 2.0)
      rspec-support (~> 3.8.0)
    rspec-mocks (3.8.0)
      diff-lcs (>= 1.2.0, < 2.0)
      rspec-support (~> 3.8.0)
    rspec-support (3.8.0)
    rubocop (0.66.0)
      jaro_winkler (~> 1.5.1)
      parallel (~> 1.10)
      parser (>= 2.5, != 2.5.1.1)
      psych (>= 3.1.0)
      rainbow (>= 2.2.2, < 4.0)
      ruby-progressbar (~> 1.7)
      unicode-display_width (>= 1.4.0, < 1.6)
    ruby-progressbar (1.10.0)
    simplecov (0.16.1)
      docile (~> 1.1)
      json (>= 1.8, < 3)
      simplecov-html (~> 0.10.0)
    simplecov-html (0.10.2)
    unicode-display_width (1.5.0)

PLATFORMS
  ruby
  x64-mingw32

DEPENDENCIES
  awesome_print
  clipboard
  colorize
  diffy
  ffi
  json
  os
  rake
  random-word
  rspec
  rubocop
  simplecov

BUNDLED WITH
   1.17.3
